PATH
  remote: .
  specs:
    leif (0.0.1)
      faraday (~> 0.8.8)
      faraday_middleware (~> 0.9.0)
      highline (~> 1.6.19)

GEM
  remote: https://rubygems.org/
  specs:
    faraday (0.8.8)
      multipart-post (~> 1.2.0)
    faraday_middleware (0.9.0)
      faraday (>= 0.7.4, < 0.9)
    highline (1.6.19)
    multipart-post (1.2.0)

PLATFORMS
  ruby

DEPENDENCIES
  leif!
