PATH
  remote: .
  specs:
    leif (0.0.1)
      faraday (~> 0.8.8)
      faraday_middleware (~> 0.9.0)
      highline (~> 1.6.19)

GEM
  remote: https://rubygems.org/
  specs:
    faraday (0.8.8)
      multipart-post (~> 1.2.0)
    faraday_middleware (0.9.0)
      faraday (>= 0.7.4, < 0.9)
    highline (1.6.19)
    hpricot (0.8.6)
    multipart-post (1.2.0)
    mustache (0.99.4)
    rdiscount (2.1.6)
    ronn (0.7.3)
      hpricot (>= 0.8.2)
      mustache (>= 0.7.0)
      rdiscount (>= 1.5.8)

PLATFORMS
  ruby

DEPENDENCIES
  leif!
  ronn
